GEM
  remote: https://rubygems.org/
  specs:
    minitest (5.11.3)

PLATFORMS
  ruby

DEPENDENCIES
  minitest

RUBY VERSION
   ruby 2.4.1p111

BUNDLED WITH
   1.15.3
